GEM
  remote: https://rubygems.org/
  specs:
    coderay (1.1.3)
    hanami-api (0.3.0)
      hanami-router (~> 2.0)
    hanami-router (2.0.2)
      mustermann (~> 3.0)
      mustermann-contrib (~> 3.0)
      rack (~> 2.0)
    hansi (0.2.1)
    method_source (1.0.0)
    minitest (5.19.0)
    mustermann (3.0.0)
      ruby2_keywords (~> 0.0.1)
    mustermann-contrib (3.0.0)
      hansi (~> 0.2.0)
      mustermann (= 3.0.0)
    nio4r (2.5.9)
    pry (0.14.2)
      coderay (~> 1.1)
      method_source (~> 1.0)
    puma (6.3.1)
      nio4r (~> 2.0)
    rack (2.2.8)
    rack-test (2.1.0)
      rack (>= 1.3)
    ruby2_keywords (0.0.5)

PLATFORMS
  x86_64-linux

DEPENDENCIES
  hanami-api
  minitest
  pry
  puma
  rack-test

BUNDLED WITH
   2.4.19
